GEM
  remote: https://rubygems.org/
  specs:
    amq-protocol (2.3.2)
    bunny (2.19.0)
      amq-protocol (~> 2.3, >= 2.3.1)
      sorted_set (~> 1, >= 1.0.2)
    faraday (2.5.2)
      faraday-net_http (>= 2.0, < 3.1)
      ruby2_keywords (>= 0.0.4)
    faraday-net_http (3.0.0)
    rbtree (0.4.5)
    ruby2_keywords (0.0.5)
    set (1.0.3)
    sorted_set (1.0.3)
      rbtree
      set (~> 1.0)

PLATFORMS
  x86_64-linux

DEPENDENCIES
  bunny (~> 2.19)
  faraday (~> 2.5)

BUNDLED WITH
   2.3.5
